GEM
  remote: http://rubygems.org/
  specs:
    addressable (2.2.6)
    arrayfields (4.7.4)
    aws (2.5.6)
      http_connection
      uuidtools
      xml-simple
    bcrypt-ruby (2.1.4)
    chronic (0.6.4)
    diff-lcs (1.1.3)
    dm-adapter-simpledb (1.5.0)
      dm-aggregates (~> 0.10.0)
      dm-core (~> 0.10.0)
      dm-migrations (~> 0.10.0)
      dm-types (~> 0.10.0)
      sdbtools (~> 0.5)
      uuidtools (~> 2.0)
    dm-aggregates (0.10.2)
      dm-core (~> 0.10.2)
    dm-core (0.10.2)
      addressable (~> 2.1)
      extlib (~> 0.9.14)
    dm-migrations (0.10.2)
      dm-core (~> 0.10.2)
    dm-types (0.10.2)
      bcrypt-ruby (~> 2.1.2)
      dm-core (~> 0.10.2)
      fastercsv (~> 1.5.0)
      json_pure (~> 1.2.0)
      stringex (~> 1.1.0)
      uuidtools (~> 2.1.1)
    extlib (0.9.15)
    fastercsv (1.5.4)
    fattr (2.2.0)
    ffi (1.0.10)
    growl_notify (0.0.3)
      rb-appscript
    guard (0.8.8)
      thor (~> 0.14.6)
    guard-bundler (0.1.3)
      bundler (>= 1.0.0)
      guard (>= 0.2.2)
    guard-rspec (0.5.1)
      guard (>= 0.8.4)
    http_connection (1.4.1)
    json_pure (1.2.4)
    main (4.8.0)
      arrayfields (~> 4.7.4)
      chronic (~> 0.6.2)
      fattr (~> 2.2.0)
      map (~> 4.3.0)
    map (4.3.0)
    rb-appscript (0.6.1)
    rb-fchange (0.0.5)
      ffi
    rb-fsevent (0.4.3.1)
    rb-inotify (0.8.8)
      ffi (>= 0.5.0)
    rspec (2.0.1)
      rspec-core (~> 2.0.1)
      rspec-expectations (~> 2.0.1)
      rspec-mocks (~> 2.0.1)
    rspec-core (2.0.1)
    rspec-expectations (2.0.1)
      diff-lcs (>= 1.1.2)
    rspec-mocks (2.0.1)
      rspec-core (~> 2.0.1)
      rspec-expectations (~> 2.0.1)
    sdbtools (0.5.0)
      arrayfields (~> 4.7)
      aws (~> 2.1)
      fattr (~> 2.1)
      main (~> 4.2)
    sqlite3 (1.3.4)
    sqlite3-ruby (1.3.3)
      sqlite3 (>= 1.3.3)
    stringex (1.1.0)
    thor (0.14.6)
    uuidtools (2.1.2)
    xml-simple (1.1.1)

PLATFORMS
  ruby

DEPENDENCIES
  dm-adapter-simpledb (~> 1.5.0)
  growl_notify (~> 0.0.0)
  guard (~> 0.8.0)
  guard-bundler
  guard-rspec
  rb-fchange (~> 0.0.0)
  rb-fsevent (~> 0.4.0)
  rb-inotify (~> 0.8.0)
  rspec (~> 2.0.0)
  sqlite3-ruby (~> 1.3.0)
