GIT
  remote: git://github.com/svs/dm-pg-types.git
  revision: 4d53276501b60687f69aa86c1ece5d38f74b7220
  specs:
    dm-pg-types (0.8.1)
      data_mapper (~> 1.2.0)
      data_objects (~> 0.10.6)
      dm-core (~> 1.2.0)
      dm-do-adapter (~> 1.2.0)
      dm-migrations (~> 1.2.0)
      dm-postgres-adapter (~> 1.2.0)
      dm-postgres-adapter (~> 1.2.0)
      dm-types (~> 1.2.0)
      dm-validations (~> 1.2.0)
      do_postgres (~> 0.10.6)
      jeweler (~> 1.8.4)
      rake (~> 0.9.2)
      rspec (~> 1.3.2)

GEM
  remote: http://rubygems.org/
  specs:
    activesupport (3.1.8)
      multi_json (>= 1.0, < 1.3)
    addressable (2.2.8)
    amq-client (0.9.4)
      amq-protocol (>= 0.9.4)
      eventmachine
    amq-protocol (0.9.4)
    amqp (0.9.7)
      amq-client (~> 0.9.4)
      amq-protocol (>= 0.9.4)
      eventmachine
    bcrypt-ruby (3.0.1)
    bunny (0.8.0)
    chronic (0.6.7)
    clbustos-rtf (0.4.2)
    dalli (1.1.5)
    data_mapper (1.2.0)
      dm-aggregates (~> 1.2.0)
      dm-constraints (~> 1.2.0)
      dm-core (~> 1.2.0)
      dm-migrations (~> 1.2.0)
      dm-serializer (~> 1.2.0)
      dm-timestamps (~> 1.2.0)
      dm-transactions (~> 1.2.0)
      dm-types (~> 1.2.0)
      dm-validations (~> 1.2.0)
    data_objects (0.10.8)
      addressable (~> 2.1)
    dirty-memoize (0.0.4)
    distribution (0.7.0)
    dm-aggregates (1.2.0)
      dm-core (~> 1.2.0)
    dm-chunked_query (0.3.1)
      dm-aggregates (~> 1.0)
      dm-core (~> 1.0)
    dm-constraints (1.2.0)
      dm-core (~> 1.2.0)
    dm-core (1.2.0)
      addressable (~> 2.2.6)
    dm-do-adapter (1.2.0)
      data_objects (~> 0.10.6)
      dm-core (~> 1.2.0)
    dm-migrations (1.2.0)
      dm-core (~> 1.2.0)
    dm-postgres-adapter (1.2.0)
      dm-do-adapter (~> 1.2.0)
      do_postgres (~> 0.10.6)
    dm-serializer (1.2.2)
      dm-core (~> 1.2.0)
      fastercsv (~> 1.5)
      json (~> 1.6)
      json_pure (~> 1.6)
      multi_json (~> 1.0)
    dm-timestamps (1.2.0)
      dm-core (~> 1.2.0)
    dm-transactions (1.2.0)
      dm-core (~> 1.2.0)
    dm-types (1.2.2)
      bcrypt-ruby (~> 3.0)
      dm-core (~> 1.2.0)
      fastercsv (~> 1.5)
      json (~> 1.6)
      multi_json (~> 1.0)
      stringex (~> 1.4)
      uuidtools (~> 2.1)
    dm-validations (1.2.0)
      dm-core (~> 1.2.0)
    do_postgres (0.10.8)
      data_objects (= 0.10.8)
    eventmachine (1.0.0)
    extendmatrix (0.3.1)
    factory_girl (2.2.0)
      activesupport
    fakeweb (1.3.0)
    faraday (0.7.6)
      addressable (~> 2.2)
      multipart-post (~> 1.1)
      rack (~> 1.1)
    faraday_middleware (0.7.0)
      faraday (~> 0.7.3)
    fastercsv (1.5.5)
    ffi (1.1.5)
    git (1.2.5)
    guard (0.8.8)
      thor (~> 0.14.6)
    guard-bundler (0.1.3)
      bundler (>= 1.0.0)
      guard (>= 0.2.2)
    guard-rspec (0.5.11)
      guard (>= 0.8.4)
    hashie (1.1.0)
    i18n (0.6.1)
    jeweler (1.8.4)
      bundler (~> 1.0)
      git (>= 1.2.5)
      rake
      rdoc
    json (1.7.5)
    json_pure (1.7.5)
    minimization (0.2.1)
      text-table (~> 1.2)
    multi_json (1.0.4)
    multi_xml (0.4.4)
    multipart-post (1.1.5)
    prawn (0.8.4)
      prawn-core (>= 0.8.4, < 0.9)
      prawn-layout (>= 0.8.4, < 0.9)
      prawn-security (>= 0.8.4, < 0.9)
    prawn-core (0.8.4)
    prawn-layout (0.8.4)
    prawn-security (0.8.4)
    prawn-svg (0.9.1.11)
      prawn (>= 0.8.4)
    rack (1.4.1)
    rake (0.9.2.2)
    rb-fchange (0.0.6)
      ffi
    rb-inotify (0.8.8)
      ffi (>= 0.5.0)
    rdoc (3.12)
      json (~> 1.4)
    reportbuilder (1.4.2)
      clbustos-rtf (~> 0.4.0)
      prawn (~> 0.8.4)
      prawn-svg (~> 0.9.1)
      text-table (~> 1.2)
    rserve-client (0.2.5)
    rspec (1.3.2)
    ruby-ole (1.2.11.4)
    rubyvis (0.4.1)
    simple_oauth (0.1.9)
    spreadsheet (0.6.9)
      ruby-ole (>= 1.0)
    statsample (1.1.0)
      dirty-memoize (~> 0.0)
      distribution (~> 0.3)
      extendmatrix (~> 0.3.1)
      fastercsv (> 0)
      minimization (~> 0.2.0)
      reportbuilder (~> 1.4)
      rserve-client (~> 0.2.5)
      rubyvis (~> 0.4.0)
      spreadsheet (~> 0.6.5)
      statsample-bivariate-extension (> 0)
    statsample-bivariate-extension (1.1.0)
      distribution (~> 0.6)
    stringex (1.4.0)
    text-table (1.2.2)
    thor (0.14.6)
    trollop (1.16.2)
    twitter (1.7.2)
      faraday (~> 0.7.4)
      faraday_middleware (~> 0.7.0)
      hashie (~> 1.1.0)
      multi_json (~> 1.0.0)
      multi_xml (~> 0.4.0)
      simple_oauth (~> 0.1.5)
    uuidtools (2.1.3)
    vcr (1.11.3)

PLATFORMS
  ruby

DEPENDENCIES
  activesupport (~> 3.1.0)
  amqp
  bunny
  chronic (~> 0.6.0)
  dalli (~> 1.1.3)
  data_mapper (~> 1.0)
  dm-chunked_query (~> 0.3.1)
  dm-pg-types!
  dm-postgres-adapter (~> 1.2.0)
  dm-timestamps (~> 1.2.0)
  factory_girl (~> 2.2.0)
  fakeweb (~> 1.3.0)
  guard (~> 0.8.0)
  guard-bundler (~> 0.1.0)
  guard-rspec (~> 0.5.0)
  i18n (~> 0.6.0)
  rb-fchange (~> 0.0.0)
  rb-inotify (~> 0.8.0)
  rspec
  statsample (~> 1.1.0)
  trollop (~> 1.16.2)
  twitter (~> 1.7.0)
  vcr (~> 1.11.0)
